PATH
  remote: .
  specs:
    moonshine (0.0.1)
      shadow_puppet (~> 0.6.1)

GEM
  remote: https://rubygems.org/
  specs:
    activesupport (3.2.6)
      i18n (~> 0.6)
      multi_json (~> 1.0)
    builder (3.0.0)
    facter (1.6.10)
    highline (1.6.13)
    i18n (0.6.0)
    multi_json (1.3.6)
    puppet (2.7.3)
      facter (>= 1.5.1)
    shadow_puppet (0.6.1)
      activesupport (>= 2.2.0)
      builder (>= 2.1.2)
      highline (>= 1.5.0)
      i18n (>= 0.5.0)
      puppet (= 2.7.3)

PLATFORMS
  ruby

DEPENDENCIES
  moonshine!
